PATH
  remote: .
  specs:
    faraday_middleware (0.1.3)
      faraday (~> 0.5.0)
      hashie (~> 0.4.0)
      multi_json (~> 0.0.4)
      multi_xml (~> 0.1.0)
      oauth2 (~> 0.1.0)

GEM
  remote: http://rubygems.org/
  specs:
    addressable (2.1.2)
    faraday (0.5.0)
      addressable (~> 2.1.1)
      multipart-post (~> 1.0.1)
      rack (~> 1.2.1)
    hashie (0.4.0)
    json (1.4.6)
    multi_json (0.0.4)
    multi_xml (0.1.0)
    multipart-post (1.0.1)
    oauth2 (0.1.0)
      faraday (~> 0.5.0)
      multi_json (~> 0.0.4)
    rack (1.2.1)
    rake (0.8.7)
    shoulda (2.11.3)

PLATFORMS
  ruby

DEPENDENCIES
  faraday (~> 0.5.0)
  faraday_middleware!
  hashie (~> 0.4.0)
  json (~> 1.4.6)
  multi_json (~> 0.0.4)
  multi_xml (~> 0.1.0)
  oauth2 (~> 0.1.0)
  rake (~> 0.8.7)
  shoulda (~> 2.11.3)
