PATH
  remote: .
  specs:
    faraday_middleware (0.0.4)
      faraday (~> 0.4.5)

GEM
  remote: http://rubygems.org/
  specs:
    addressable (2.2.1)
    faraday (0.4.6)
      addressable (>= 2.1.1)
      rack (>= 1.0.1)
    hashie (0.4.0)
    multi_json (0.0.4)
    rack (1.2.1)
    rake (0.8.7)
    shoulda (2.11.3)

PLATFORMS
  ruby

DEPENDENCIES
  faraday (~> 0.4.5)
  faraday_middleware!
  hashie (~> 0.4.0)
  multi_json (~> 0.0.4)
  rake (~> 0.8.7)
  shoulda (~> 2.11.3)
