PATH
  remote: .
  specs:
    faraday_middleware (0.1.0)
      faraday (~> 0.4.5)
      hashie (~> 0.4.0)
      multi_json (~> 0.0.4)
      oauth2 (~> 0.0.13)
      roauth (~> 0.0.3)

GEM
  remote: http://rubygems.org/
  specs:
    addressable (2.2.1)
    faraday (0.4.6)
      addressable (>= 2.1.1)
      rack (>= 1.0.1)
    hashie (0.4.0)
    json (1.4.6)
    multi_json (0.0.4)
    oauth2 (0.0.13)
      faraday (~> 0.4.1)
      multi_json (>= 0.0.4)
    rack (1.2.1)
    rake (0.8.7)
    roauth (0.0.3)
    shoulda (2.11.3)

PLATFORMS
  ruby

DEPENDENCIES
  faraday (~> 0.4.5)
  faraday_middleware!
  hashie (~> 0.4.0)
  json (~> 1.4.6)
  multi_json (~> 0.0.4)
  oauth2 (~> 0.0.13)
  rake (~> 0.8.7)
  roauth (~> 0.0.3)
  shoulda (~> 2.11.3)
