PATH
  remote: .
  specs:
    faraday-middleware (0.0.1)
      faraday (~> 0.4.5)

GEM
  remote: http://rubygems.org/
  specs:
    addressable (2.2.1)
    faraday (0.4.6)
      addressable (>= 2.1.1)
      rack (>= 1.0.1)
    hashie (0.4.0)
    mcmire-matchy (0.5.2)
    multi_json (0.0.4)
    rack (1.2.1)
    redgreen (1.2.2)
    shoulda (2.11.3)

PLATFORMS
  ruby

DEPENDENCIES
  faraday (~> 0.4.5)
  faraday-middleware!
  hashie (~> 0.4.0)
  mcmire-matchy (~> 0.5.2)
  multi_json (~> 0.0.4)
  redgreen (~> 1.2.2)
  shoulda (~> 2.11.3)
